GEM
  remote: https://rubygems.org/
  specs:
    activesupport (4.2.10)
      i18n (~> 0.7)
      minitest (~> 5.1)
      thread_safe (~> 0.3, >= 0.3.4)
      tzinfo (~> 1.1)
    i18n (0.8.6)
    minitest (5.10.3)
    minitest_to_rspec (0.6.0)
      ruby_parser (~> 3.7)
      sexp2ruby (~> 0.0.2)
    ruby_parser (3.10.1)
      sexp_processor (~> 4.9)
    sexp2ruby (0.0.4)
      activesupport (~> 4.2)
      sexp_processor (~> 4.6)
    sexp_processor (4.10.0)
    thread_safe (0.3.6)
    tzinfo (1.2.3)
      thread_safe (~> 0.1)

PLATFORMS
  ruby

DEPENDENCIES
  minitest_to_rspec (= 0.6.0)

RUBY VERSION
   ruby 2.4.2p198

BUNDLED WITH
   1.15.4
